GIT
  remote: https://github.com/shardlab/discordrb
  revision: 01d69fec4f5e204a71fd11481eac495893474cc4
  ref: 01d69fe
  specs:
    discordrb (3.5.0)
      base64 (~> 0.2.0)
      discordrb-webhooks (~> 3.5.0)
      ffi (>= 1.9.24)
      opus-ruby
      rest-client (>= 2.0.0)
      websocket-client-simple (>= 0.9.0)
    discordrb-webhooks (3.5.0)
      rest-client (>= 2.0.0)

GEM
  remote: https://rubygems.org/
  specs:
    base64 (0.2.0)
    domain_name (0.6.20240107)
    event_emitter (0.2.6)
    ffi (1.17.2-x86_64-darwin)
    http-accept (1.7.0)
    http-cookie (1.0.8)
      domain_name (~> 0.5)
    logger (1.7.0)
    mime-types (3.7.0)
      logger
      mime-types-data (~> 3.2025, >= 3.2025.0507)
    mime-types-data (3.2025.0805)
    mutex_m (0.3.0)
    netrc (0.11.0)
    opus-ruby (1.0.1)
      ffi
    rest-client (2.1.0)
      http-accept (>= 1.7.0, < 2.0)
      http-cookie (>= 1.0.2, < 2.0)
      mime-types (>= 1.16, < 4.0)
      netrc (~> 0.8)
    websocket (1.2.11)
    websocket-client-simple (0.9.0)
      base64
      event_emitter
      mutex_m
      websocket

PLATFORMS
  x86_64-darwin-21

DEPENDENCIES
  discordrb!

BUNDLED WITH
   2.5.4
